GEM
  remote: http://rubygems.org/
  remote: http://gems.github.com/
  specs:
    Ascii85 (1.0.1)
    actionmailer (2.3.14)
      actionpack (= 2.3.14)
    actionpack (2.3.14)
      activesupport (= 2.3.14)
      rack (~> 1.1.0)
    activerecord (2.3.14)
      activesupport (= 2.3.14)
    activeresource (2.3.14)
      activesupport (= 2.3.14)
    activesupport (2.3.14)
    authlogic (2.1.6)
      activesupport
    metaclass (0.0.1)
    mocha (0.10.0)
      metaclass (~> 0.0.1)
    pdf-reader (0.10.1)
      Ascii85 (~> 1.0.0)
    prawn (0.11.1)
      pdf-reader (>= 0.9.0)
      ttfunk (~> 1.0.0)
    prawn-core (0.5.1)
    prawn-format (0.2.1)
      prawn-core
    prawn-layout (0.2.1)
    rack (1.1.2)
    rails (2.3.14)
      actionmailer (= 2.3.14)
      actionpack (= 2.3.14)
      activerecord (= 2.3.14)
      activeresource (= 2.3.14)
      activesupport (= 2.3.14)
      rake (>= 0.8.3)
    rake (0.9.2.2)
    searchlogic (2.5.8)
      activerecord (~> 2.3.12)
      activerecord (~> 2.3.12)
    sqlite3 (1.3.3)
    sqlite3-ruby (1.3.3)
      sqlite3 (>= 1.3.3)
    test-unit (2.4.1)
    thoughtbot-shoulda (2.10.2)
    ttfunk (1.0.3)
    will_paginate (2.3.16)

PLATFORMS
  ruby

DEPENDENCIES
  authlogic (= 2.1.6)
  mocha
  prawn (= 0.11.1)
  prawn-core (= 0.5.1)
  prawn-format (= 0.2.1)
  prawn-layout (= 0.2.1)
  rails (~> 2.3.8)
  rake (= 0.9.2.2)
  searchlogic
  sqlite3-ruby (= 1.3.3)
  test-unit
  thoughtbot-shoulda (= 2.10.2)
  will_paginate (= 2.3.16)
